GEM
  remote: https://rubygems.org/
  specs:
    byebug (10.0.2)
    metaclass (0.0.4)
    minitest (5.11.3)
    mocha (1.6.0)
      metaclass (~> 0.0.1)

PLATFORMS
  ruby

DEPENDENCIES
  byebug
  minitest
  mocha

BUNDLED WITH
   1.16.3
